GEM
  remote: https://rubygems.org/
  specs:
    httparty (0.13.5)
      json (~> 1.8)
      multi_xml (>= 0.5.2)
    json (1.8.3)
    lifx_toys (0.1.0)
      httparty (~> 0.13)
      json (~> 1.8)
    multi_xml (0.5.5)
    rack (1.6.4)
    sinatra (1.1.0)
      rack (~> 1.1)
      tilt (~> 1.1)
    tilt (1.4.1)

PLATFORMS
  ruby

DEPENDENCIES
  lifx_toys
  sinatra (= 1.1.0)

BUNDLED WITH
   1.10.6
